PATH
  remote: .
  specs:
    encrypted-keystore (0.0.5)

GEM
  remote: https://rubygems.org/
  specs:

PLATFORMS
  ruby

DEPENDENCIES
  encrypted-keystore!

BUNDLED WITH
   1.17.3
