PATH
  remote: .
  specs:
    encrypted-keystore (0.0.6)
      fileutils (~> 1.2)

GEM
  remote: https://rubygems.org/
  specs:
    fileutils (1.2.0)

PLATFORMS
  ruby

DEPENDENCIES
  encrypted-keystore!

BUNDLED WITH
   1.17.3
